GEM
  specs:
    amazon-ecs (2.3.0)
      nokogiri (~> 1.4)
      ruby-hmac (~> 0.3)
    mini_portile (0.6.2)
    nokogiri (1.6.6.2)
      mini_portile (~> 0.6.0)
    ruby-hmac (0.4.0)

PLATFORMS
  ruby

DEPENDENCIES
  amazon-ecs
